GIT
  remote: git://github.com/andyl/mail_view.git
  revision: ca4b3f60a4116c9471d3259b99a9b66be373d5dd
  specs:
    mail_view (1.0.0)

GIT
  remote: git://github.com/jeremyolliver/annotate_models.git
  revision: 4d57e4fe6360125f17886168120a48091a268e45
  branch: rake_compatibility
  specs:
    annotate (2.4.0)

GIT
  remote: http://github.com/andyl/aalf.git
  revision: 6aa8864ea3514e9a063a86cc3fb14f6b371a72ed
  specs:
    aalf (0.0.1)
      activerecord
      activesupport
      sqlite3-ruby

GIT
  remote: http://github.com/thoughtbot/cocaine.git
  revision: 939d2f0c65f43c4c80667025d04b00f6f2bb3167
  specs:
    cocaine (0.4.2)
      climate_control (>= 0.0.3, < 1.0)

GEM
  remote: http://rubygems.org/
  specs:
    Ascii85 (1.0.2)
    actionmailer (3.2.12)
      actionpack (= 3.2.12)
      mail (~> 2.4.4)
    actionpack (3.2.12)
      activemodel (= 3.2.12)
      activesupport (= 3.2.12)
      builder (~> 3.0.0)
      erubis (~> 2.7.0)
      journey (~> 1.0.4)
      rack (~> 1.4.5)
      rack-cache (~> 1.2)
      rack-test (~> 0.6.1)
      sprockets (~> 2.2.1)
    activemodel (3.2.12)
      activesupport (= 3.2.12)
      builder (~> 3.0.0)
    activerecord (3.2.12)
      activemodel (= 3.2.12)
      activesupport (= 3.2.12)
      arel (~> 3.0.2)
      tzinfo (~> 0.3.29)
    activeresource (3.2.12)
      activemodel (= 3.2.12)
      activesupport (= 3.2.12)
    activesupport (3.2.12)
      i18n (~> 0.6)
      multi_json (~> 1.0)
    acts_as_api (0.4.1)
      activemodel (>= 3.0.0)
      activesupport (>= 3.0.0)
      rack (>= 1.1.0)
    addressable (2.3.2)
    afm (0.2.0)
    ancestry (1.3.0)
      activerecord (>= 2.3.14)
    archive-tar-minitar (0.5.2)
    arel (3.0.2)
    awesome_print (1.1.0)
    bcrypt-ruby (3.0.1)
    blankslate (2.1.2.4)
    bourne (1.1.2)
      mocha (= 0.10.5)
    builder (3.0.4)
    bullet (4.3.0)
      uniform_notifier
    cancan (1.6.8)
    capistrano (2.14.1)
      highline
      net-scp (>= 1.0.0)
      net-sftp (>= 2.0.0)
      net-ssh (>= 2.0.14)
      net-ssh-gateway (>= 1.1.0)
    capistrano_colors (0.5.5)
    capybara (2.0.2)
      mime-types (>= 1.16)
      nokogiri (>= 1.3.3)
      rack (>= 1.0.0)
      rack-test (>= 0.5.4)
      selenium-webdriver (~> 2.0)
      xpath (~> 1.0.0)
    capybara-webkit (0.14.1)
      capybara (~> 2.0, >= 2.0.2)
      json
    childprocess (0.3.7)
      ffi (~> 1.0, >= 1.0.6)
    chronic (0.9.0)
    chunky_png (1.2.7)
    climate_control (0.0.3)
      activesupport (>= 3.0)
    coderay (1.0.8)
    coffee-rails (3.2.2)
      coffee-script (>= 2.2.0)
      railties (~> 3.2.0)
    coffee-script (2.2.0)
      coffee-script-source
      execjs
    coffee-script-source (1.4.0)
    colored (1.2)
    columnize (0.3.6)
    csv-mapper (0.5.1)
      fastercsv
    daemon_controller (1.1.0)
    daemons (1.1.9)
    database_cleaner (0.9.1)
    debugger (1.2.3)
      columnize (>= 0.3.1)
      debugger-linecache (~> 1.1.1)
      debugger-ruby_core_source (~> 1.1.5)
    debugger-linecache (1.1.2)
      debugger-ruby_core_source (>= 1.1.1)
    debugger-ruby_core_source (1.1.6)
    diff-lcs (1.1.3)
    draper (0.18.0)
      actionpack (~> 3.2)
      activesupport (~> 3.2)
    drx (0.4.5)
    dynamic_form (1.1.4)
    eco (1.0.0)
      coffee-script
      eco-source
      execjs
    eco-source (1.1.0.rc.1)
    em-hiredis (0.1.1)
      hiredis (~> 0.4.0)
    em-http-request (0.3.0)
      addressable (>= 2.0.0)
      escape_utils
      eventmachine (>= 0.12.9)
    erubis (2.7.0)
    escape_utils (0.2.4)
    eventmachine (1.0.0)
    exception_notification (2.6.1)
      actionmailer (>= 3.0.4)
    execjs (1.4.0)
      multi_json (~> 1.0)
    factory_girl (4.2.0)
      activesupport (>= 3.0.0)
    factory_girl_rails (4.2.1)
      factory_girl (~> 4.2.0)
      railties (>= 3.0.0)
    faker (1.1.2)
      i18n (~> 0.5)
    fastercsv (1.5.5)
    fastthread (1.0.7)
    faye (0.6.8)
      em-hiredis (>= 0.0.1)
      em-http-request (~> 0.3)
      eventmachine (>= 0.12.0)
      json (>= 1.0)
      rack (>= 1.0)
      thin (~> 1.2)
    ffi (1.3.1)
    foreman (0.60.2)
      thor (>= 0.13.6)
    gcal4ruby (0.5.5)
      gdata4ruby (>= 0.1.5)
    gdata4ruby (0.1.5)
    ghost (0.3.0)
    guard (1.6.1)
      listen (>= 0.6.0)
      lumberjack (>= 1.0.2)
      pry (>= 0.9.10)
      thor (>= 0.14.6)
    guard-coffeescript (1.2.1)
      coffee-script (>= 2.2.0)
      guard (>= 1.1.0)
    haml (3.1.7)
    haml-rails (0.3.5)
      actionpack (>= 3.1, < 4.1)
      activesupport (>= 3.1, < 4.1)
      haml (~> 3.1)
      railties (>= 3.1, < 4.1)
    hashery (2.1.0)
    highline (1.6.15)
    hike (1.2.1)
    hirb (0.7.0)
    hiredis (0.4.5)
    i18n (0.6.1)
    interactive_editor (0.0.10)
      spoon (>= 0.0.1)
    jasminerice (0.0.10)
      coffee-rails
      haml
    journey (1.0.4)
    jsgem-jquery (1.7.2.pre2)
      railties (~> 3.1)
    jsgem-jquery-layout (1.3.0.pre2)
    jsgem-jquery-ui (1.9.1.pre2)
    json (1.5.5)
    jwt (0.1.5)
      multi_json (>= 1.0)
    launchy (2.1.2)
      addressable (~> 2.3)
    letter_opener (1.0.0)
      launchy (>= 2.0.4)
    libv8 (3.11.8.13)
    listen (0.7.1)
    log4r (1.1.10)
    lumberjack (1.0.2)
    mail (2.4.4)
      i18n (>= 0.4.0)
      mime-types (~> 1.16)
      treetop (~> 1.4.8)
    metaclass (0.0.1)
    method_source (0.8.1)
    mime (0.1)
    mime-types (1.21)
    mocha (0.10.5)
      metaclass (~> 0.0.1)
    multi_json (1.6.1)
    net-scp (1.0.4)
      net-ssh (>= 1.99.1)
    net-sftp (2.0.5)
      net-ssh (>= 2.0.9)
    net-ssh (2.2.2)
    net-ssh-gateway (1.1.0)
      net-ssh (>= 1.99.1)
    nokogiri (1.5.6)
    oauth (0.4.7)
    paperclip (3.3.1)
      activemodel (>= 3.0.0)
      activerecord (>= 3.0.0)
      activesupport (>= 3.0.0)
      cocaine (~> 0.4.0)
      mime-types
    parslet (1.5.0)
      blankslate (~> 2.0)
    passenger (3.0.12)
      daemon_controller (>= 0.2.5)
      fastthread (>= 1.0.1)
      rack
      rake (>= 0.8.1)
    pdf-reader (1.3.0)
      Ascii85 (~> 1.0.0)
      afm (~> 0.2.0)
      hashery (~> 2.0)
      ruby-rc4
      ttfunk
    pdfkit (0.5.2)
    pg (0.14.1)
    pngqr (0.6)
      chunky_png
      rqrcode
    polyglot (0.3.3)
    prawn (0.12.0)
      pdf-reader (>= 0.9.0)
      ttfunk (~> 1.0.2)
    pry (0.9.10)
      coderay (~> 1.0.5)
      method_source (~> 0.8)
      slop (~> 3.3.1)
    queue_classic (2.1.1)
      pg (~> 0.14.1)
    rabl (0.7.9)
      activesupport (>= 2.3.14)
      multi_json (~> 1.0)
    rack (1.4.5)
    rack-cache (1.2)
      rack (>= 0.4)
    rack-ssl (1.3.3)
      rack
    rack-test (0.6.2)
      rack (>= 1.0)
    rails (3.2.12)
      actionmailer (= 3.2.12)
      actionpack (= 3.2.12)
      activerecord (= 3.2.12)
      activeresource (= 3.2.12)
      activesupport (= 3.2.12)
      bundler (~> 1.0)
      railties (= 3.2.12)
    railties (3.2.12)
      actionpack (= 3.2.12)
      activesupport (= 3.2.12)
      rack-ssl (~> 1.3.2)
      rake (>= 0.8.7)
      rdoc (~> 3.4)
      thor (>= 0.14.6, < 2.0)
    rake (10.0.3)
    rb-inotify (0.8.8)
      ffi (>= 0.5.0)
    rdoc (3.12.1)
      json (~> 1.4)
    ref (1.0.2)
    rmagick (2.13.1)
    rqrcode (0.4.2)
    rspec-core (2.12.2)
    rspec-expectations (2.12.1)
      diff-lcs (~> 1.1.3)
    rspec-mocks (2.12.1)
    rspec-on-rails-matchers (1.0.0)
    rspec-rails (2.12.1)
      actionpack (>= 3.0)
      activesupport (>= 3.0)
      railties (>= 3.0)
      rspec-core (~> 2.12.0)
      rspec-expectations (~> 2.12.0)
      rspec-mocks (~> 2.12.0)
    ruby-gmail (0.3.0)
      mail (>= 2.2.1)
      mime (>= 0.1)
      shared-mime-info
    ruby-rc4 (0.1.5)
    rubyzip (0.9.9)
    sass (3.2.5)
    selenium-webdriver (2.29.0)
      childprocess (>= 0.2.5)
      multi_json (~> 1.0)
      rubyzip
      websocket (~> 1.0.4)
    sequel (3.31.0)
    shared-mime-info (0.1)
    shoulda-matchers (1.4.2)
      activesupport (>= 3.0.0)
      bourne (~> 1.1.2)
    simple_form (2.0.4)
      actionpack (~> 3.0)
      activemodel (~> 3.0)
    simplecov (0.7.1)
      multi_json (~> 1.0)
      simplecov-html (~> 0.7.1)
    simplecov-html (0.7.1)
    slop (3.3.3)
    spoon (0.0.1)
    spring (0.0.7)
    sprite-factory (1.5.1)
    sprockets (2.2.2)
      hike (~> 1.2)
      multi_json (~> 1.0)
      rack (~> 1.0)
      tilt (~> 1.1, != 1.3.0)
    sqlite3 (1.3.6)
    sqlite3-ruby (1.3.3)
      sqlite3 (>= 1.3.3)
    therubyracer (0.11.1)
      libv8 (~> 3.11.8.7)
      ref
    thin (1.5.0)
      daemons (>= 1.0.9)
      eventmachine (>= 0.12.6)
      rack (>= 1.0.0)
    thor (0.17.0)
    tilt (1.3.3)
    treetop (1.4.12)
      polyglot
      polyglot (>= 0.3.1)
    ttfunk (1.0.3)
    twilio-ruby (3.9.0)
      builder (>= 2.1.2)
      jwt (>= 0.1.2)
      multi_json (>= 1.3.0)
    tzinfo (0.3.35)
    uglifier (1.3.0)
      execjs (>= 0.3.0)
      multi_json (~> 1.0, >= 1.0.2)
    uniform_notifier (1.1.1)
    vagrant (1.0.6)
      archive-tar-minitar (= 0.5.2)
      childprocess (~> 0.3.1)
      erubis (~> 2.7.0)
      i18n (~> 0.6.0)
      json (~> 1.5.1)
      log4r (~> 1.1.9)
      net-scp (~> 1.0.4)
      net-ssh (~> 2.2.2)
    vagrant-snap (0.10)
      colored
      vagrant
    valkyrie (0.0.2)
      sequel (~> 3.31.0)
    virtualbox (0.8.6)
      ffi (~> 1.0)
    websocket (1.0.7)
    whenever (0.8.2)
      activesupport (>= 2.3.4)
      chronic (>= 0.6.3)
    wirble (0.1.3)
    xpath (1.0.0)
      nokogiri (~> 1.3)
    yaml_db (0.2.3)
    zeus (0.13.2)
      method_source (>= 0.6.7)

PLATFORMS
  ruby

DEPENDENCIES
  aalf!
  acts_as_api
  ancestry
  annotate!
  awesome_print
  bcrypt-ruby (~> 3.0.0)
  bullet
  cancan
  capistrano
  capistrano_colors
  capybara
  capybara-webkit
  cocaine!
  coffee-script
  csv-mapper
  database_cleaner
  debugger
  draper
  drx
  dynamic_form
  eco
  em-http-request
  exception_notification
  factory_girl_rails
  faker
  fastercsv
  faye (= 0.6.8)
  foreman
  gcal4ruby
  ghost
  guard
  guard-coffeescript
  haml-rails
  hirb
  interactive_editor
  jasminerice
  jsgem-jquery (= 1.7.2.pre2)
  jsgem-jquery-layout (= 1.3.0.pre2)
  jsgem-jquery-ui (= 1.9.1.pre2)
  json
  launchy
  letter_opener
  libv8 (~> 3.11.8)
  mail
  mail_view!
  mime
  net-ssh (= 2.2.2)
  nokogiri
  oauth
  paperclip (= 3.3.1)
  parslet
  passenger (= 3.0.12)
  pdfkit
  pg
  pngqr
  prawn (~> 0.12.0)
  queue_classic (= 2.1.1)
  rabl
  rails (= 3.2.12)
  rake (= 10.0.3)
  rb-inotify
  rmagick
  rspec-on-rails-matchers
  rspec-rails
  ruby-gmail
  sass
  selenium-webdriver
  shoulda-matchers
  simple_form
  simplecov
  spring
  sprite-factory
  sqlite3
  therubyracer
  thin
  twilio-ruby
  uglifier
  vagrant (= 1.0.6)
  vagrant-snap
  valkyrie
  virtualbox
  whenever
  wirble
  yaml_db
  zeus
