GEM
  remote: http://rubygems.org/
  specs:
    actionmailer (3.1.0.beta1)
      actionpack (= 3.1.0.beta1)
      mail (~> 2.3.0)
    actionpack (3.1.0.beta1)
      activemodel (= 3.1.0.beta1)
      activesupport (= 3.1.0.beta1)
      builder (~> 3.0.0)
      erubis (~> 2.7.0)
      i18n (~> 0.6.0beta1)
      rack (~> 1.3.0.beta)
      rack-cache (~> 1.0.1)
      rack-mount (~> 0.7.2)
      rack-test (~> 0.6.0)
      sprockets (~> 2.0.0.beta.2)
      tzinfo (~> 0.3.27)
    activemodel (3.1.0.beta1)
      activesupport (= 3.1.0.beta1)
      bcrypt-ruby (~> 2.1.4)
      builder (~> 3.0.0)
      i18n (~> 0.6.0beta1)
    activerecord (3.1.0.beta1)
      activemodel (= 3.1.0.beta1)
      activesupport (= 3.1.0.beta1)
      arel (~> 2.1.0)
      tzinfo (~> 0.3.27)
    activeresource (3.1.0.beta1)
      activemodel (= 3.1.0.beta1)
      activesupport (= 3.1.0.beta1)
    activesupport (3.1.0.beta1)
      multi_json (~> 1.0)
    arel (2.1.0)
    awesome_print (0.3.2)
    bcrypt-ruby (2.1.4)
    builder (3.0.0)
    capistrano (2.6.0)
      highline
      net-scp (>= 1.0.0)
      net-sftp (>= 2.0.0)
      net-ssh (>= 2.0.14)
      net-ssh-gateway (>= 1.1.0)
    capybara (1.0.0.beta1)
      mime-types (>= 1.16)
      nokogiri (>= 1.3.3)
      rack (>= 1.0.0)
      rack-test (>= 0.5.4)
      selenium-webdriver (>= 0.0.27)
      xpath (~> 0.1.4)
    childprocess (0.1.9)
      ffi (~> 1.0.6)
    coffee-script (2.2.0)
      coffee-script-source
      execjs
    coffee-script-source (1.1.0)
    columnize (0.3.2)
    configuration (1.2.0)
    daemons (1.1.3)
    devise (1.3.4)
      bcrypt-ruby (~> 2.1.2)
      orm_adapter (~> 0.0.3)
      warden (~> 1.0.3)
    diff-lcs (1.1.2)
    drx (0.4.5)
    erubis (2.7.0)
    eventmachine (0.12.10)
    execjs (0.3.4)
      multi_json (~> 1.0)
    factory_girl (1.3.3)
    faker (0.9.5)
      i18n (~> 0.4)
    fastercsv (1.5.4)
    ffi (1.0.7)
      rake (>= 0.8.7)
    highline (1.6.2)
    hike (1.0.0)
    hirb (0.4.5)
    i18n (0.6.0beta1)
    interactive_editor (0.0.8)
      spoon (>= 0.0.1)
    jquery-rails (1.0.2)
      railties (~> 3.0)
      thor (~> 0.14)
    json (1.5.1)
    json_pure (1.5.1)
    launchy (0.4.0)
      configuration (>= 0.0.5)
      rake (>= 0.8.1)
    linecache (0.43)
    mail (2.3.0)
      i18n (>= 0.4.0)
      mime-types (~> 1.16)
      treetop (~> 1.4.8)
    mime-types (1.16)
    multi_json (1.0.2)
    net-scp (1.0.4)
      net-ssh (>= 1.99.1)
    net-sftp (2.0.5)
      net-ssh (>= 2.0.9)
    net-ssh (2.1.4)
    net-ssh-gateway (1.1.0)
      net-ssh (>= 1.99.1)
    nokogiri (1.4.4)
    orm_adapter (0.0.5)
    paperclip (2.3.11)
      activerecord (>= 2.3.0)
      activesupport (>= 2.3.2)
    polyglot (0.3.1)
    rack (1.3.0.beta)
    rack-cache (1.0.1)
      rack (>= 0.4)
    rack-mount (0.7.3)
      rack (>= 1.0.0)
    rack-ssl (1.3.2)
      rack
    rack-test (0.6.0)
      rack (>= 1.0)
    rails (3.1.0.beta1)
      actionmailer (= 3.1.0.beta1)
      actionpack (= 3.1.0.beta1)
      activerecord (= 3.1.0.beta1)
      activeresource (= 3.1.0.beta1)
      activesupport (= 3.1.0.beta1)
      bundler (~> 1.0)
      railties (= 3.1.0.beta1)
    railties (3.1.0.beta1)
      actionpack (= 3.1.0.beta1)
      activesupport (= 3.1.0.beta1)
      rack-ssl (~> 1.3.2)
      rake (>= 0.8.7)
      thor (~> 0.14.6)
    rake (0.8.7)
    rcov (0.9.9)
    rspec (2.6.0)
      rspec-core (~> 2.6.0)
      rspec-expectations (~> 2.6.0)
      rspec-mocks (~> 2.6.0)
    rspec-core (2.6.0)
    rspec-expectations (2.6.0)
      diff-lcs (~> 1.1.2)
    rspec-mocks (2.6.0)
    rspec-rails (2.6.0)
      actionpack (~> 3.0)
      activesupport (~> 3.0)
      railties (~> 3.0)
      rspec (~> 2.6.0)
    ruby-debug (0.10.4)
      columnize (>= 0.1)
      ruby-debug-base (~> 0.10.4.0)
    ruby-debug-base (0.10.4)
      linecache (>= 0.3)
    rubyzip (0.9.4)
    sass (3.1.1)
    selenium-webdriver (0.2.0)
      childprocess (>= 0.1.7)
      ffi (>= 1.0.7)
      json_pure
      rubyzip
    shoulda-matchers (1.0.0.beta2)
    simple_form (1.3.1)
    spoon (0.0.1)
    sprockets (2.0.0.beta.2)
      hike (~> 1.0)
      rack (~> 1.0)
      tilt (~> 1.0)
    sqlite3 (1.3.3)
    sqlite3-ruby (1.3.3)
      sqlite3 (>= 1.3.3)
    therubyracer (0.8.1)
    thin (1.2.11)
      daemons (>= 1.0.9)
      eventmachine (>= 0.12.6)
      rack (>= 1.0.0)
    thor (0.14.6)
    tilt (1.3)
    treetop (1.4.9)
      polyglot (>= 0.3.1)
    tzinfo (0.3.27)
    uglifier (0.5.2)
      execjs (>= 0.3.0)
      multi_json
    valid_attribute (0.1.0)
    warden (1.0.4)
      rack (>= 1.0)
    wirble (0.1.3)
    xpath (0.1.4)
      nokogiri (~> 1.3)

PLATFORMS
  ruby

DEPENDENCIES
  awesome_print
  capistrano
  capybara (~> 1.0.0.beta1)
  coffee-script
  devise
  drx
  factory_girl
  faker
  fastercsv
  hirb
  interactive_editor
  jquery-rails
  json
  launchy
  nokogiri
  paperclip
  rails (= 3.1.0.beta1)
  rcov
  rspec-rails (~> 2.6.0)
  ruby-debug
  sass
  shoulda-matchers
  simple_form
  sqlite3
  sqlite3-ruby
  therubyracer
  thin
  uglifier
  valid_attribute
  wirble
